GIT
  remote: git://github.com/CocoaPods/CocoaPods.git
  revision: 217bd92ee176d905557dbc96170a8db5096a02fb
  branch: master
  specs:
    cocoapods (0.33.1)
      activesupport (>= 3.2.15, < 4)
      claide (~> 0.6.1)
      cocoapods-core (= 0.33.1)
      cocoapods-downloader (~> 0.6.1)
      cocoapods-plugins (~> 0.2.0)
      cocoapods-trunk (~> 0.1.1)
      cocoapods-try (~> 0.3.0)
      colored (~> 1.2)
      escape (~> 0.0.4)
      json_pure (~> 1.8)
      nap (~> 0.7)
      open4 (~> 1.3)
      xcodeproj (~> 0.17.0)

GIT
  remote: git://github.com/CocoaPods/Core.git
  revision: 6af534e951a0887e12c77332ce653270047b9341
  branch: master
  specs:
    cocoapods-core (0.33.1)
      activesupport (>= 3.2.15)
      fuzzy_match (~> 2.0.4)
      json_pure (~> 1.8)
      nap (~> 0.5)

GIT
  remote: git://github.com/CocoaPods/Xcodeproj.git
  revision: 46542abf3e1a835e7862feff57e3e14a89e70dbc
  branch: master
  specs:
    xcodeproj (0.17.0)
      activesupport (~> 3.0)
      colored (~> 1.2)

GEM
  remote: http://rubygems.org/
  specs:
    activesupport (3.2.18)
      i18n (~> 0.6, >= 0.6.4)
      multi_json (~> 1.0)
    claide (0.6.1)
    cocoapods-downloader (0.6.1)
    cocoapods-plugins (0.2.0)
      nap
    cocoapods-trunk (0.1.3)
      json_pure (~> 1.8)
      nap (>= 0.6)
      netrc
    cocoapods-try (0.3.0)
    colored (1.2)
    escape (0.0.4)
    fuzzy_match (2.0.4)
    i18n (0.6.9)
    json_pure (1.8.1)
    multi_json (1.10.1)
    nap (0.7.0)
    netrc (0.7.7)
    open4 (1.3.4)
    rake (10.3.2)

PLATFORMS
  ruby

DEPENDENCIES
  cocoapods!
  cocoapods-core!
  rake
  xcodeproj!
